GEM
  remote: https://rubygems.org/
  specs:
    addressable (2.3.6)
    base64 (0.3.0)
    celluloid (0.16.0)
      timers (~> 4.0.0)
    coderay (1.1.0)
    crack (0.4.2)
      safe_yaml (~> 1.0.0)
    date (3.4.1)
    diff-lcs (1.2.5)
    ffi (1.9.8)
    formatador (0.2.5)
    guard (2.12.6)
      formatador (>= 0.2.4)
      listen (~> 2.7)
      lumberjack (~> 1.0)
      nenv (~> 0.1)
      notiffany (~> 0.0)
      pry (>= 0.9.12)
      shellany (~> 0.0)
      thor (>= 0.18.1)
    guard-compat (1.2.1)
    guard-rspec (4.5.2)
      guard (~> 2.1)
      guard-compat (~> 1.1)
      rspec (>= 2.99.0, < 4.0)
    hitimes (1.2.2)
    json (2.13.2)
    listen (2.10.1)
      celluloid (~> 0.16.0)
      rb-fsevent (>= 0.9.3)
      rb-inotify (>= 0.9)
    lumberjack (1.0.9)
    method_source (0.8.2)
    mini_portile2 (2.8.9)
    mustermann (3.0.4)
      ruby2_keywords (~> 0.0.1)
    nenv (0.2.0)
    nio4r (2.7.4)
    nokogiri (1.17.2)
      mini_portile2 (~> 2.8.2)
      racc (~> 1.4)
    notiffany (0.0.6)
      nenv (~> 0.1)
      shellany (~> 0.0)
    open-uri (0.5.0)
      stringio
      time
      uri
    pry (0.10.1)
      coderay (~> 1.1.0)
      method_source (~> 0.8.1)
      slop (~> 3.4)
    puma (6.6.1)
      nio4r (~> 2.0)
    racc (1.8.1)
    rack (2.2.17)
    rack-protection (3.2.0)
      base64 (>= 0.1.0)
      rack (~> 2.2, >= 2.2.4)
    rackup (1.0.1)
      rack (< 3)
      webrick
    rb-fsevent (0.9.5)
    rb-inotify (0.9.5)
      ffi (>= 0.5.0)
    rspec (3.2.0)
      rspec-core (~> 3.2.0)
      rspec-expectations (~> 3.2.0)
      rspec-mocks (~> 3.2.0)
    rspec-core (3.2.1)
      rspec-support (~> 3.2.0)
    rspec-expectations (3.2.0)
      diff-lcs (>= 1.2.0, < 2.0)
      rspec-support (~> 3.2.0)
    rspec-mocks (3.2.1)
      diff-lcs (>= 1.2.0, < 2.0)
      rspec-support (~> 3.2.0)
    rspec-support (3.2.2)
    ruby2_keywords (0.0.5)
    safe_yaml (1.0.4)
    shellany (0.0.1)
    sinatra (3.2.0)
      mustermann (~> 3.0)
      rack (~> 2.2, >= 2.2.4)
      rack-protection (= 3.2.0)
      tilt (~> 2.0)
    slop (3.6.0)
    stringio (3.1.7)
    thor (0.19.1)
    tilt (2.6.1)
    time (0.4.1)
      date
    timers (4.0.1)
      hitimes
    uri (1.0.3)
    webmock (1.18.0)
      addressable (>= 2.3.6)
      crack (>= 0.3.2)
    webrick (1.9.1)

PLATFORMS
  ruby

DEPENDENCIES
  guard-rspec
  json
  nokogiri (~> 1.15)
  open-uri
  puma
  rackup
  rspec
  sinatra (~> 3.0)
  webmock

BUNDLED WITH
   2.5.23
